GEM
  remote: http://rubygems.org/
  specs:
    haml (3.1.4)
    hiredis (0.4.5)
    rack (1.4.1)
    rack-protection (1.2.0)
      rack
    redis (2.2.2)
    redis-namespace (1.1.0)
      redis (< 3.0.0)
    redised (0.2.0)
      redis (~> 2)
      redis (~> 2)
      redis-namespace
      redis-namespace
    sinatra (1.3.2)
      rack (~> 1.3, >= 1.3.6)
      rack-protection (~> 1.2)
      tilt (~> 1.3, >= 1.3.3)
    tilt (1.3.3)

PLATFORMS
  ruby

DEPENDENCIES
  haml
  hiredis
  redis-namespace
  redised
  sinatra
